PATH
  remote: .
  specs:
    xbl_gamercard (0.0.1)
      nokogiri (~> 1.5.9)

GEM
  remote: https://rubygems.org/
  specs:
    addressable (2.3.5)
    crack (0.4.2)
      safe_yaml (~> 1.0.0)
    diff-lcs (1.2.5)
    nokogiri (1.5.11)
    rake (10.1.1)
    rspec (2.14.1)
      rspec-core (~> 2.14.0)
      rspec-expectations (~> 2.14.0)
      rspec-mocks (~> 2.14.0)
    rspec-core (2.14.8)
    rspec-expectations (2.14.5)
      diff-lcs (>= 1.1.3, < 2.0)
    rspec-mocks (2.14.6)
    safe_yaml (1.0.1)
    vcr (2.8.0)
    webmock (1.15.2)
      addressable (>= 2.2.7)
      crack (>= 0.3.2)

PLATFORMS
  ruby

DEPENDENCIES
  bundler (~> 1.5)
  rake
  rspec (~> 2.4)
  vcr (~> 2.8)
  webmock (~> 1.15.0)
  xbl_gamercard!
